GEM
  remote: http://rubygems.org/
  specs:
    abstract (1.0.0)
    archive-tar-minitar (0.5.2)
    builder (3.0.0)
    bunny (0.6.0)
    chef (0.10.0)
      bunny (>= 0.6.0)
      erubis
      highline
      json (<= 1.5.2, >= 1.4.4)
      mixlib-authentication (>= 1.1.0)
      mixlib-cli (>= 1.1.0)
      mixlib-config (>= 1.1.2)
      mixlib-log (>= 1.3.0)
      moneta
      net-ssh (~> 2.1.3)
      net-ssh-multi (~> 1.0.1)
      ohai (>= 0.6.0)
      rest-client (< 1.7.0, >= 1.0.4)
      treetop (~> 1.4.9)
      uuidtools
    erubis (2.6.6)
      abstract (>= 1.0.0)
    excon (0.6.3)
    ffi (1.0.7)
      rake (>= 0.8.7)
    fog (0.7.2)
      builder
      excon (>= 0.6.1)
      formatador (>= 0.1.3)
      json
      mime-types
      net-ssh (>= 2.1.3)
      nokogiri (>= 1.4.4)
      ruby-hmac
    formatador (0.1.3)
    highline (1.6.2)
    i18n (0.5.0)
    json (1.5.1)
    knife-ec2 (0.5.6)
      fog (~> 0.7.2)
      net-ssh (~> 2.1.3)
      net-ssh-multi (~> 1.0.1)
    mario (0.0.6)
    mime-types (1.16)
    mixlib-authentication (1.1.4)
      mixlib-log
    mixlib-cli (1.2.0)
    mixlib-config (1.1.2)
    mixlib-log (1.3.0)
    moneta (0.6.0)
    net-scp (1.0.4)
      net-ssh (>= 1.99.1)
    net-ssh (2.1.4)
    net-ssh-gateway (1.1.0)
      net-ssh (>= 1.99.1)
    net-ssh-multi (1.0.1)
      net-ssh (>= 1.99.2)
      net-ssh-gateway (>= 0.99.0)
    nokogiri (1.4.4)
    ohai (0.6.4)
      mixlib-cli
      mixlib-config
      mixlib-log
      systemu
      yajl-ruby
    polyglot (0.3.1)
    rake (0.8.7)
    rest-client (1.6.1)
      mime-types (>= 1.16)
    ruby-hmac (0.4.0)
    systemu (2.2.0)
    thor (0.14.6)
    treetop (1.4.9)
      polyglot (>= 0.3.1)
    uuidtools (2.1.2)
    vagrant (0.7.4)
      archive-tar-minitar (= 0.5.2)
      erubis (~> 2.6.6)
      i18n (~> 0.5.0)
      json (~> 1.5.1)
      mario (~> 0.0.6)
      net-scp (~> 1.0.4)
      net-ssh (~> 2.1.0)
      thor (~> 0.14.6)
      virtualbox (~> 0.8.3)
    virtualbox (0.8.4)
      ffi (~> 1.0)
    yajl-ruby (0.8.2)

PLATFORMS
  ruby

DEPENDENCIES
  chef (~> 0.10.0)
  knife-ec2 (~> 0.5.6)
  vagrant (~> 0.7.4)
